GEM
  remote: https://rubygems.org/
  specs:
    activemodel (5.2.2)
      activesupport (= 5.2.2)
    activesupport (5.2.2)
      concurrent-ruby (~> 1.0, >= 1.0.2)
      i18n (>= 0.7, < 2)
      minitest (~> 5.1)
      tzinfo (~> 1.1)
    babosa (1.0.2)
    bson (4.3.0)
    carrierwave (0.8.0)
      activemodel (>= 3.2.0)
      activesupport (>= 3.2.0)
    carrierwave-mongoid (1.1.0)
      carrierwave (>= 0.8, < 1.3)
      mongoid (>= 3.0, < 8.0)
      mongoid-grid_fs (>= 1.3, < 3.0)
    concurrent-ruby (1.1.4)
    haml (5.0.4)
      temple (>= 0.8.0)
      tilt
    i18n (1.5.2)
      concurrent-ruby (~> 1.0)
    mail (2.7.1)
      mini_mime (>= 0.1.1)
    mime-types (3.2.2)
      mime-types-data (~> 3.2015)
    mime-types-data (3.2018.0812)
    mini_mime (1.0.1)
    minitest (5.11.3)
    mongo (2.6.2)
      bson (>= 4.3.0, < 5.0.0)
    mongoid (7.0.1)
      activemodel (>= 5.1, < 6.0.0)
      mongo (>= 2.5.1, < 3.0.0)
    mongoid-grid_fs (2.4.0)
      mime-types (>= 1.0, < 4.0)
      mongoid (>= 3.0, < 8.0)
    mustermann (1.0.3)
    pony (1.12)
      mail (>= 2.0)
    puma (3.12.0)
    rack (2.0.6)
    rack-protection (2.0.5)
      rack
    rake (12.3.2)
    sinatra (2.0.5)
      mustermann (~> 1.0)
      rack (~> 2.0)
      rack-protection (= 2.0.5)
      tilt (~> 2.0)
    temple (0.8.0)
    thread_safe (0.3.6)
    tilt (2.0.9)
    tzinfo (1.2.5)
      thread_safe (~> 0.1)

PLATFORMS
  ruby

DEPENDENCIES
  babosa
  carrierwave
  carrierwave-mongoid
  haml
  mongoid
  pony
  puma
  rake
  sinatra (>= 1.0)

BUNDLED WITH
   1.16.2
